GEM
  remote: https://rubygems.org/
  specs:
    addressable (2.8.7)
      public_suffix (>= 2.0.2, < 7.0)
    bigdecimal (3.1.8)
    dip (8.2.5)
      json-schema (~> 5)
      public_suffix (>= 2.0.2, < 6.0)
      thor (>= 0.20, < 2)
    json-schema (5.1.1)
      addressable (~> 2.8)
      bigdecimal (~> 3.1)
    public_suffix (5.1.1)
    thor (1.3.2)

PLATFORMS
  arm64-darwin-23
  ruby

DEPENDENCIES
  dip (~> 8.2.5)

BUNDLED WITH
   2.5.23
